PATH
  remote: .
  specs:
    time_segment (0.0.1)
      activesupport
      rake

GEM
  remote: https://rubygems.org/
  specs:
    activesupport (3.2.16)
      i18n (~> 0.6, >= 0.6.4)
      multi_json (~> 1.0)
    i18n (0.6.9)
    multi_json (1.8.4)
    rake (10.1.1)

PLATFORMS
  ruby

DEPENDENCIES
  time_segment!
